PATH
  remote: ~/workspace/fog
  specs:
    fog (0.3.25)
      builder
      excon (>= 0.2.4)
      formatador (>= 0.0.16)
      json
      mime-types
      net-ssh (~> 2.0.23)
      nokogiri (~> 1.4.3.1)
      ruby-hmac

GEM
  remote: http://rubygems.org/
  specs:
    builder (3.0.0)
    diff-lcs (1.1.2)
    excon (0.2.4)
    formatador (0.0.16)
    highline (1.6.1)
    json (1.4.6)
    linecache (0.43)
    mime-types (1.16)
    net-ssh (2.0.23)
    nokogiri (1.4.3.1)
    rake (0.8.7)
    rr (1.0.2)
    rspec (2.1.0)
      rspec-core (~> 2.1.0)
      rspec-expectations (~> 2.1.0)
      rspec-mocks (~> 2.1.0)
    rspec-core (2.1.0)
    rspec-expectations (2.1.0)
      diff-lcs (~> 1.1.2)
    rspec-mocks (2.1.0)
    ruby-debug-base (0.10.5.jb2)
      linecache (>= 0.3)
    ruby-debug-ide (0.4.15)
      rake (>= 0.8.1)
    ruby-hmac (0.4.0)
    uuidtools (2.1.1)

PLATFORMS
  ruby

DEPENDENCIES
  fog!
  highline
  net-ssh
  rake
  rr
  rspec
  rspec-core
  rspec-expectations
  rspec-mocks
  ruby-debug-base (= 0.10.5.jb2)
  ruby-debug-ide
  uuidtools
