PATH
  remote: .
  specs:
    brunch (0.0.1)
      erubis (~> 2.6.6)
      fog (~> 0.3.34)
      map (~> 2.1.0)
      net-ssh (~> 2.0.23)
      thor (~> 0.14.6)

GEM
  remote: http://rubygems.org/
  specs:
    abstract (1.0.0)
    builder (3.0.0)
    columnize (0.3.2)
    diff-lcs (1.1.2)
    erubis (2.6.6)
      abstract (>= 1.0.0)
    excon (0.5.6)
    fakeweb (1.3.0)
    fog (0.3.34)
      builder
      excon (>= 0.3.6)
      formatador (>= 0.0.16)
      json
      mime-types
      net-ssh (>= 2.0.23)
      nokogiri (>= 1.4.4)
      ruby-hmac
    formatador (0.0.16)
    json (1.5.1)
    linecache (0.43)
    map (2.1.0)
    mime-types (1.16)
    net-ssh (2.0.24)
    nokogiri (1.4.4)
    rake (0.8.7)
    rcov (0.9.9)
    rr (1.0.2)
    rspec (2.5.0)
      rspec-core (~> 2.5.0)
      rspec-expectations (~> 2.5.0)
      rspec-mocks (~> 2.5.0)
    rspec-core (2.5.1)
    rspec-expectations (2.5.0)
      diff-lcs (~> 1.1.2)
    rspec-mocks (2.5.0)
    ruby-debug (0.10.4)
      columnize (>= 0.1)
      ruby-debug-base (~> 0.10.4.0)
    ruby-debug-base (0.10.4)
      linecache (>= 0.3)
    ruby-hmac (0.4.0)
    thor (0.14.6)

PLATFORMS
  ruby

DEPENDENCIES
  brunch!
  fakeweb (~> 1.3.0)
  rake
  rcov (~> 0.9.9)
  rr (~> 1.0.2)
  rspec (~> 2.5.0)
  ruby-debug
