PATH
  remote: ~/workspace/fog
  specs:
    fog (0.3.34)
      builder
      excon (>= 0.3.6)
      formatador (>= 0.0.16)
      json
      mime-types
      net-ssh (>= 2.0.23)
      nokogiri (>= 1.4.4)
      ruby-hmac

GEM
  remote: http://rubygems.org/
  specs:
    abstract (1.0.0)
    builder (3.0.0)
    columnize (0.3.2)
    diff-lcs (1.1.2)
    erubis (2.6.6)
      abstract (>= 1.0.0)
    excon (0.3.8)
    fakeweb (1.3.0)
    formatador (0.0.16)
    json (1.4.6)
    linecache (0.43)
    map (2.1.0)
    mime-types (1.16)
    net-ssh (2.0.23)
    nokogiri (1.4.4)
    rake (0.8.7)
    rcov (0.9.9)
    rr (1.0.2)
    rspec (2.4.0)
      rspec-core (~> 2.4.0)
      rspec-expectations (~> 2.4.0)
      rspec-mocks (~> 2.4.0)
    rspec-core (2.4.0)
    rspec-expectations (2.4.0)
      diff-lcs (~> 1.1.2)
    rspec-mocks (2.4.0)
    ruby-debug (0.10.4)
      columnize (>= 0.1)
      ruby-debug-base (~> 0.10.4.0)
    ruby-debug-base (0.10.4)
      linecache (>= 0.3)
    ruby-hmac (0.4.0)
    thor (0.14.6)

PLATFORMS
  ruby

DEPENDENCIES
  erubis
  fakeweb
  fog!
  map
  net-ssh
  rake
  rcov
  rr
  rspec
  rspec-core
  rspec-expectations
  rspec-mocks
  ruby-debug
  thor
